PATH
  remote: .
  specs:
    palette (0.0.5)
      sass (= 3.1.0.alpha.23)

GEM
  remote: http://rubygems.org/
  specs:
    aruba (0.2.4)
      background_process
      cucumber (~> 0.9.3)
    background_process (1.2)
    bourne (1.0)
      mocha (= 0.9.8)
    builder (2.1.2)
    cucumber (0.9.3)
      builder (~> 2.1.2)
      diff-lcs (~> 1.1.2)
      gherkin (~> 2.2.9)
      json (~> 1.4.6)
      term-ansicolor (~> 1.0.5)
    diff-lcs (1.1.2)
    gherkin (2.2.9)
      json (~> 1.4.6)
      term-ansicolor (~> 1.0.5)
    json (1.4.6)
    mocha (0.9.8)
      rake
    rake (0.8.7)
    rspec (1.3.0)
    sass (3.1.0.alpha.23)
    term-ansicolor (1.0.5)

PLATFORMS
  ruby

DEPENDENCIES
  aruba (= 0.2.4)
  bourne (= 1.0)
  cucumber (= 0.9.3)
  mocha (= 0.9.8)
  palette!
  rspec (= 1.3.0)
